PATH
  remote: .
  specs:
    ErrorPage (0.0.1)
      rack
      tilt

GEM
  remote: http://rubygems.org/
  specs:
    rack (1.2.1)
    tilt (1.2.1)

PLATFORMS
  ruby

DEPENDENCIES
  ErrorPage!
  rack
  tilt
